NUGET
  remote: https://www.nuget.org/api/v2
    docfx.console (2.28.3)
    FAKE (4.61.3)
